GEM
  remote: https://rubygems.org/
  specs:
    multipart-post (2.0.0)

PLATFORMS
  ruby

DEPENDENCIES
  multipart-post

BUNDLED WITH
   1.14.6
